GEM
  remote: https://rubygems.org/
  specs:
    addressable (2.3.6)
    crack (0.4.2)
      safe_yaml (~> 1.0.0)
    docile (1.1.5)
    expectation (0.3.1)
    htmlentities (4.3.2)
    micro_sql (0.4.3)
    mini_portile (0.6.1)
    multi_json (1.10.1)
    nokogiri (1.6.5)
      mini_portile (~> 0.6.0)
    power_assert (0.2.2)
    psych (2.0.6)
    rake (10.4.0)
    redis (3.1.0)
    redis-namespace (1.5.1)
      redis (~> 3.0, >= 3.0.4)
    safe_yaml (1.0.4)
    simple_cache_rs (0.12.2)
      expectation
      micro_sql
      redis
      redis-namespace
    simplecov (0.9.1)
      docile (~> 1.1.0)
      multi_json (~> 1.0)
      simplecov-html (~> 0.8.0)
    simplecov-html (0.8.0)
    test-unit (3.0.7)
      power_assert
    vcr (2.9.3)
    webmock (1.20.4)
      addressable (>= 2.3.6)
      crack (>= 0.3.2)

PLATFORMS
  ruby

DEPENDENCIES
  addressable
  bundler
  htmlentities
  nokogiri
  psych
  rake
  simple_cache_rs
  simplecov
  test-unit
  vcr
  webmock
