GEM
  remote: http://rubygems.org/
  specs:
    addressable (2.3.3)
    archive-tar-minitar (0.5.2)
    columnize (0.3.6)
    crack (0.3.2)
    expectation (0.3.1)
    htmlentities (4.3.1)
    json (1.7.7)
    linecache19 (0.5.12)
      ruby_core_source (>= 0.1.4)
    micro_sql (0.4.1)
      pg
      sqlite3
    multi_json (1.7.2)
    nokogiri (1.5.9)
    pg (0.15.0)
    psych (1.3.4)
    rake (10.0.4)
    rdoc (4.0.1)
      json (~> 1.4)
    redis (3.0.3)
    redis-namespace (1.2.1)
      redis (~> 3.0.0)
    ruby-debug-base19 (0.11.25)
      columnize (>= 0.3.1)
      linecache19 (>= 0.5.11)
      ruby_core_source (>= 0.1.4)
    ruby-debug19 (0.11.6)
      columnize (>= 0.3.1)
      linecache19 (>= 0.5.11)
      ruby-debug-base19 (>= 0.11.19)
    ruby_core_source (0.1.5)
      archive-tar-minitar (>= 0.5.2)
    simple_cache_rs (0.11.1)
      expectation
      micro_sql
      redis
      redis-namespace
    simple_cov (0.2.0)
    simplecov (0.7.1)
      multi_json (~> 1.0)
      simplecov-html (~> 0.7.1)
    simplecov-html (0.7.1)
    sqlite3 (1.3.7)
    test-unit (2.5.4)
    vcr (2.4.0)
    webmock (1.11.0)
      addressable (>= 2.2.7)
      crack (>= 0.3.2)

PLATFORMS
  ruby

DEPENDENCIES
  addressable
  bundler
  htmlentities
  nokogiri
  psych
  rake
  rdoc
  ruby-debug19
  simple_cache_rs
  simple_cov
  simplecov
  test-unit
  vcr
  webmock
