GEM
  remote: http://rubygems.org/
  specs:
    addressable (2.2.7)
    archive-tar-minitar (0.5.2)
    columnize (0.3.6)
    crack (0.3.1)
    git (1.2.5)
    htmlentities (4.3.1)
    jeweler (1.8.3)
      bundler (~> 1.0)
      git (>= 1.2.5)
      rake
      rdoc
    json (1.6.6)
    linecache19 (0.5.12)
      ruby_core_source (>= 0.1.4)
    micro_sql (0.3.2)
      pg
      sqlite3
    multi_json (1.2.0)
    pg (0.13.2)
    psych (1.3.1)
    rake (0.9.2.2)
    rdoc (3.12)
      json (~> 1.4)
    redis (2.2.2)
    ruby-debug-base19 (0.11.25)
      columnize (>= 0.3.1)
      linecache19 (>= 0.5.11)
      ruby_core_source (>= 0.1.4)
    ruby-debug19 (0.11.6)
      columnize (>= 0.3.1)
      linecache19 (>= 0.5.11)
      ruby-debug-base19 (>= 0.11.19)
    ruby_core_source (0.1.5)
      archive-tar-minitar (>= 0.5.2)
    simplecov (0.6.1)
      multi_json (~> 1.0)
      simplecov-html (~> 0.5.3)
    simplecov-html (0.5.3)
    sqlite3 (1.3.5)
    vcr (2.0.1)
    webmock (1.8.6)
      addressable (>= 2.2.7)
      crack (>= 0.1.7)

PLATFORMS
  ruby

DEPENDENCIES
  bundler
  htmlentities
  jeweler
  micro_sql
  pg
  psych
  redis
  ruby-debug19
  simplecov
  sqlite3
  vcr
  webmock
